GEM
  remote: http://rubygems.org/
  specs:
    clipboard (1.0.5)

PLATFORMS
  ruby

DEPENDENCIES
  clipboard (~> 1.0.5)
